PATH
  remote: .
  specs:
    my_gem (0.1.0)

GEM
  remote: https://rubygems.org/
  specs:
    addressable (2.8.1)
      public_suffix (>= 2.0.2, < 6.0)
    albino (1.3.3)
      posix-spawn (>= 0.3.6)
    classifier (1.3.5)
      fast-stemmer (~> 1.0.0)
      mathn
      rake
    diff-lcs (1.5.0)
    directory_watcher (1.5.1)
    fast-stemmer (1.0.2)
    irb (1.0.0)
    jekyll (0.11.0)
      albino (>= 1.3.2)
      classifier (>= 1.3.1)
      directory_watcher (>= 1.1.1)
      kramdown (>= 0.13.2)
      liquid (>= 1.9.0)
      maruku (>= 0.5.9)
    kramdown (2.1.0)
    liquid (4.0.3)
    maruku (0.7.3)
    mathn (0.1.0)
    mini_portile2 (2.4.0)
    nokogiri (1.10.10)
      mini_portile2 (~> 2.4.0)
    nokogiri (1.10.10-x64-mingw32)
      mini_portile2 (~> 2.4.0)
    posix-spawn (0.3.15)
    public_suffix (4.0.7)
    rack (2.0.9.1)
    rake (13.0.6)
    rspec (3.9.0)
      rspec-core (~> 3.9.0)
      rspec-expectations (~> 3.9.0)
      rspec-mocks (~> 3.9.0)
    rspec-core (3.9.1)
      rspec-support (~> 3.9.1)
    rspec-expectations (3.9.4)
      diff-lcs (>= 1.2.0, < 2.0)
      rspec-support (~> 3.9.0)
    rspec-mocks (3.9.1)
      diff-lcs (>= 1.2.0, < 2.0)
      rspec-support (~> 3.9.0)
    rspec-support (3.9.2)

PLATFORMS
  x64-mingw32
  x86_64-linux

DEPENDENCIES
  irb
  jekyll
  my_gem!
  nokogiri
  rack (~> 2.0.1)
  rspec

BUNDLED WITH
   2.1.4
